GIT
  remote: https://github.com/stympy/faker.git
  revision: a48340cb30afc2e9be43342b09662b831267a1c5
  branch: master
  specs:
    faker (1.9.3)
      i18n (>= 0.7)

GEM
  remote: https://rubygems.org/
  specs:
    coderay (1.1.2)
      concurrent-ruby (~> 1.0)
    method_source (0.8.2)
    pry (0.10.4)
      coderay (~> 1.1.0)
      slop (~> 3.4)
    pry-nav (0.2.4)
      pry (>= 0.9.10, < 0.11.0)
    pry-remote (0.1.8)
      pry (~> 0.9)
      slop (~> 3.0)
    slop (3.6.0)

PLATFORMS
  ruby
  x64-mingw32

DEPENDENCIES
  faker!
  pry
  pry-nav
  pry-remote

BUNDLED WITH
   2.0.2
